GEM
  remote: https://rubygems.org/
  specs:
    audite (0.4.0)
    byebug (4.0.5)
      columnize (= 0.9.0)
    coderay (1.1.0)
    columnize (0.9.0)
    curses (1.0.1)
    domain_name (0.5.23)
      unf (>= 0.0.5, < 1.0.0)
    glib2 (2.2.4)
      pkg-config
    gobject-introspection (2.2.4)
      glib2 (= 2.2.4)
    gstreamer (2.2.4)
      glib2 (= 2.2.4)
      gobject-introspection (= 2.2.4)
    http-cookie (1.0.2)
      domain_name (~> 0.5)
    json (1.8.2)
    mechanize (2.7.3)
      domain_name (~> 0.5, >= 0.5.1)
      http-cookie (~> 1.0)
      mime-types (~> 2.0)
      net-http-digest_auth (~> 1.1, >= 1.1.1)
      net-http-persistent (~> 2.5, >= 2.5.2)
      nokogiri (~> 1.4)
      ntlm-http (~> 0.1, >= 0.1.1)
      webrobots (>= 0.0.9, < 0.2)
    method_source (0.8.2)
    mime-types (2.4.3)
    mini_portile (0.6.2)
    net-http-digest_auth (1.4)
    net-http-persistent (2.9.4)
    nokogiri (1.6.6.2)
      mini_portile (~> 0.6.0)
    ntlm-http (0.1.1)
    pkg-config (1.1.6)
    pry (0.10.1)
      coderay (~> 1.1.0)
      method_source (~> 0.8.1)
      slop (~> 3.4)
    pry-byebug (3.1.0)
      byebug (~> 4.0)
      pry (~> 0.10)
    pry-debundle (0.8)
      pry
    slop (3.6.0)
    soundcloud2000 (0.1.0)
      audite
      json
    unf (0.1.4)
      unf_ext
    unf_ext (0.0.6)
    webrobots (0.1.1)

PLATFORMS
  ruby

DEPENDENCIES
  audite
  curses
  gstreamer
  mechanize
  pry
  pry-byebug
  pry-debundle
  soundcloud2000
